PATH
  remote: .
  specs:
    holdem (0.1.0)
      hand_rank

GEM
  remote: https://rubygems.org/
  specs:
    hand_rank (0.0.5)
    minitest (5.11.3)
    rake (10.5.0)

PLATFORMS
  ruby

DEPENDENCIES
  bundler (~> 1.16)
  holdem!
  minitest (~> 5.0)
  rake (~> 10.0)

BUNDLED WITH
   1.16.5
